GEM
  remote: http://rubygems.org/
  specs:
    arel (2.0.6)
    columnize (0.3.2)
    git (1.2.5)
    jeweler (1.5.1)
      bundler (~> 1.0.0)
      git (>= 1.2.5)
      rake
    linecache (0.43)
    minitest (2.0.1)
    rake (0.8.7)
    rcov (0.9.9)
    ruby-debug (0.10.4)
      columnize (>= 0.1)
      ruby-debug-base (~> 0.10.4.0)
    ruby-debug-base (0.10.4)
      linecache (>= 0.3)

PLATFORMS
  ruby

DEPENDENCIES
  arel (> 2.0.0)
  bundler (~> 1.0.0)
  jeweler (~> 1.5.1)
  minitest
  rcov
  ruby-debug
